GEM
  remote: http://rubygems.org/
  specs:
    activemodel (3.2.13)
      activesupport (= 3.2.13)
      builder (~> 3.0.0)
    activerecord (3.2.13)
      activemodel (= 3.2.13)
      activesupport (= 3.2.13)
      arel (~> 3.0.2)
      tzinfo (~> 0.3.29)
    activesupport (3.2.13)
      i18n (= 0.6.1)
      multi_json (~> 1.0)
    arel (3.0.2)
    awesome_print (1.1.0)
    builder (3.0.4)
    calabash-android (0.4.4)
      awesome_print
      cucumber
      json
      retriable
      rubyzip
      slowhandcuke
    coderay (1.0.9)
    cucumber (1.2.3)
      builder (>= 2.1.2)
      diff-lcs (>= 1.1.3)
      gherkin (~> 2.11.6)
      multi_json (~> 1.3)
    diff-lcs (1.2.4)
    gherkin (2.11.8)
      multi_json (~> 1.3)
    httparty (0.10.2)
      multi_json (~> 1.0)
      multi_xml (>= 0.5.2)
    i18n (0.6.1)
    json (1.7.7)
    method_source (0.8.1)
    multi_json (1.7.3)
    multi_xml (0.5.3)
    pickle (0.4.11)
      cucumber (>= 0.8)
      rake
    pry (0.9.12.1)
      coderay (~> 1.0.5)
      method_source (~> 0.8)
      slop (~> 3.4)
    pry-nav (0.2.3)
      pry (~> 0.9.10)
    rake (10.0.4)
    retriable (1.3.3)
    rspec-expectations (2.13.0)
      diff-lcs (>= 1.1.3, < 2.0)
    rubyzip (0.9.9)
    slop (3.4.4)
    slowhandcuke (0.0.3)
      cucumber
    sqlite3 (1.3.7)
    tzinfo (0.3.37)

PLATFORMS
  ruby

DEPENDENCIES
  activerecord (= 3.2.13)
  calabash-android (= 0.4.4)
  cucumber (= 1.2.3)
  httparty (= 0.10.2)
  json (~> 1.7.7)
  pickle (= 0.4.11)
  pry-nav (= 0.2.3)
  retriable (= 1.3.3)
  rspec-expectations (= 2.13.0)
  sqlite3 (= 1.3.7)
